GEM
  remote: https://rubygems.org/
  specs:
    atk (4.2.2)
      glib2 (= 4.2.2)
    awesome_print (1.9.2)
    cairo (1.17.13)
      native-package-installer (>= 1.0.3)
      pkg-config (>= 1.2.2)
      red-colors
    cairo-gobject (4.2.2)
      cairo (>= 1.16.2)
      glib2 (= 4.2.2)
    ffi (1.17.0)
    ffi (1.17.0-x86_64-linux-gnu)
    fiddle (1.1.2)
    gdk4 (4.2.2)
      cairo-gobject (= 4.2.2)
      gdk_pixbuf2 (= 4.2.2)
      pango (= 4.2.2)
    gdk_pixbuf2 (4.2.2)
      gio2 (= 4.2.2)
    gio2 (4.2.2)
      fiddle
      gobject-introspection (= 4.2.2)
    glib2 (4.2.2)
      native-package-installer (>= 1.0.3)
      pkg-config (>= 1.3.5)
    gobject-introspection (4.2.2)
      glib2 (= 4.2.2)
    gtk4 (4.2.2)
      atk (= 4.2.2)
      gdk4 (= 4.2.2)
    gtk4_layer_shell (1.0.0)
    json (2.7.2)
    matrix (0.4.2)
    native-package-installer (1.1.9)
    pango (4.2.2)
      cairo-gobject (= 4.2.2)
      gobject-introspection (= 4.2.2)
    pkg-config (1.5.6)
    rake (13.2.1)
    rb-inotify (0.11.1)
      ffi (~> 1.0)
    red-colors (0.4.0)
      json
      matrix
    rexml (3.3.4)
      strscan
    ruby-dbus (0.23.1)
      rexml
    strscan (3.1.0)

PLATFORMS
  ruby
  x86_64-linux

DEPENDENCIES
  awesome_print
  gtk4
  gtk4_layer_shell
  rake
  rb-inotify
  ruby-dbus

BUNDLED WITH
   2.5.11
